GEM
  remote: http://rubygems.org/
  specs:
    airbrake-api (4.2.2)
      faraday_middleware (~> 0.8)
      hashie
      mash
      multi_xml
      parallel (~> 0.5.0)
    bson (1.8.3)
    bson_ext (1.8.3)
      bson (~> 1.8.3)
    faraday (0.8.6)
      multipart-post (~> 1.1)
    faraday_middleware (0.9.0)
      faraday (>= 0.7.4, < 0.9)
    hashie (2.0.3)
    mash (0.1.1)
    mongo (1.8.3)
      bson (~> 1.8.3)
    multi_xml (0.5.3)
    multipart-post (1.2.0)
    parallel (0.5.21)
    thor (0.17.0)

PLATFORMS
  ruby

DEPENDENCIES
  airbrake-api
  bson_ext
  mongo
  thor
